PATH
  remote: .
  specs:
    foreman_probing (0.0.1)
      dynflow (~> 0.8.10)
      foreman-tasks (~> 0.8.1)
      foreman_probing_core
    foreman_probing_core (0.0.1)
      foreman-tasks-core (~> 0.1.0)
      nokogiri (~> 1.6.8)

GEM
  remote: https://rubygems.org/
  specs:
    algebrick (0.7.3)
    apipie-params (0.0.5)
    coderay (1.1.1)
    concurrent-ruby (1.0.3)
    concurrent-ruby-edge (0.2.3)
      concurrent-ruby (= 1.0.3)
    daemons (1.2.4)
    dynflow (0.8.17)
      algebrick (~> 0.7.0)
      apipie-params
      concurrent-ruby (~> 1.0)
      concurrent-ruby-edge (~> 0.2)
      multi_json
      sequel
    foreman-tasks (0.8.6)
      daemons
      dynflow (~> 0.8.17)
      foreman-tasks-core
      parse-cron (~> 0.1.4)
      sequel
      sinatra
    foreman-tasks-core (0.1.1)
    method_source (0.8.2)
    mini_portile2 (2.1.0)
    multi_json (1.12.1)
    nokogiri (1.6.8.1)
      mini_portile2 (~> 2.1.0)
    parse-cron (0.1.4)
    pry (0.10.4)
      coderay (~> 1.1.0)
      method_source (~> 0.8.1)
      slop (~> 3.4)
    rack (1.6.5)
    rack-protection (1.5.3)
      rack
    sequel (4.41.0)
    sinatra (1.4.7)
      rack (~> 1.5)
      rack-protection (~> 1.4)
      tilt (>= 1.3, < 3)
    slop (3.6.0)
    tilt (2.0.5)

PLATFORMS
  ruby

DEPENDENCIES
  foreman_probing!
  pry

BUNDLED WITH
   1.13.6
